GEM
  remote: https://rubygems.org/
  specs:
    json (2.7.1)
    minitest (5.20.0)

PLATFORMS
  x86_64-linux

DEPENDENCIES
  json
  minitest

BUNDLED WITH
   2.4.10
